GEM
  remote: https://rubygems.org/
  specs:
    rake (11.2.2)
    require_all (1.3.3)

PLATFORMS
  ruby

DEPENDENCIES
  rake
  require_all

BUNDLED WITH
   1.11.2
